GEM
  remote: http://rubygems.org/
  specs:
    activesupport (3.2.13)
      i18n (= 0.6.1)
      multi_json (~> 1.0)
    database_cleaner (0.9.1)
    diff-lcs (1.2.3)
    factory_girl (4.2.0)
      activesupport (>= 3.0.0)
    i18n (0.6.1)
    multi_json (1.0.4)
    rake (10.0.4)
    redcarpet (2.2.2)
    rspec (2.13.0)
      rspec-core (~> 2.13.0)
      rspec-expectations (~> 2.13.0)
      rspec-mocks (~> 2.13.0)
    rspec-core (2.13.1)
    rspec-expectations (2.13.0)
      diff-lcs (>= 1.1.3, < 2.0)
    rspec-mocks (2.13.1)
    simplecov (0.5.4)
      multi_json (~> 1.0.3)
      simplecov-html (~> 0.5.3)
    simplecov-html (0.5.3)
    yard (0.8.5.2)

PLATFORMS
  ruby

DEPENDENCIES
  database_cleaner
  factory_girl (>= 4.1.0)
  rake
  redcarpet
  rspec (>= 2.12)
  simplecov (= 0.5.4)
  yard
